{
  "InstitutionAddress": "16 Lincui Road, Chaoyang District, Beijing, China",
  "InstitutionName": "Institute of Psychology",
  "InstitutionalDepartmentName": "CAS Key Laboratory of Mental Health",
  "PowerLineFrequency": 50,
  "ManufacturersModelName": "Brain Products GmbH,64 Ag-AgCl scalp electrodes",
  "EEGReference": "nose",
  "TaskName": "39ByBP",
  "EEGChannelCount": 64,
  "RecordingType": "continuous",
  "RecordingDuration": 191.9,
  "SamplingFrequency": 1000,
  "EOGChannelCount": 0,
  "ECGChannelCount": 0,
  "EMGChannelCount": 0,
  "SoftwareFilters": "n/a"
}